GEM
  remote: http://rubygems.org/
  specs:
    awesome_print (1.2.0)
    celluloid (0.17.2)
      celluloid-essentials
      celluloid-extras
      celluloid-fsm
      celluloid-pool
      celluloid-supervision
      timers (>= 4.1.1)
    celluloid-essentials (0.20.5)
      timers (>= 4.1.1)
    celluloid-extras (0.20.5)
      timers (>= 4.1.1)
    celluloid-fsm (0.20.5)
      timers (>= 4.1.1)
    celluloid-pool (0.20.5)
      timers (>= 4.1.1)
    celluloid-supervision (0.20.5)
      timers (>= 4.1.1)
    coderay (1.1.0)
    faraday (0.9.2)
      multipart-post (>= 1.2, < 3)
    faraday_middleware (0.10.0)
      faraday (>= 0.7.4, < 0.10)
    hiredis (0.6.0)
    hitimes (1.2.3)
    method_source (0.8.2)
    msgpack (0.5.12)
    multi_json (1.11.2)
    multipart-post (2.0.0)
    nido (1.0.0)
    ohm (2.3.0)
      msgpack (~> 0.5.0)
      nido
      redic (~> 1.5.0)
      stal
    pry (0.10.3)
      coderay (~> 1.1.0)
      method_source (~> 0.8.1)
      slop (~> 3.4)
    pry-nav (0.2.4)
      pry (>= 0.9.10, < 0.11.0)
    rake (10.4.2)
    redic (1.5.0)
      hiredis
    slop (3.6.0)
    stal (0.1.0)
      redic
    timers (4.1.1)
      hitimes
    tradier (0.5.3)
      celluloid
      faraday (~> 0.8)
      faraday_middleware

PLATFORMS
  ruby

DEPENDENCIES
  awesome_print
  faraday
  multi_json
  ohm
  pry
  pry-nav
  rake
  tradier
