GEM
  remote: http://rubygems.org/
  specs:
    celluloid (0.17.2)
      celluloid-essentials
      celluloid-extras
      celluloid-fsm
      celluloid-pool
      celluloid-supervision
      timers (>= 4.1.1)
    celluloid-essentials (0.20.5)
      timers (>= 4.1.1)
    celluloid-extras (0.20.5)
      timers (>= 4.1.1)
    celluloid-fsm (0.20.5)
      timers (>= 4.1.1)
    celluloid-pool (0.20.5)
      timers (>= 4.1.1)
    celluloid-supervision (0.20.5)
      timers (>= 4.1.1)
    faraday (0.9.2)
      multipart-post (>= 1.2, < 3)
    faraday_middleware (0.10.0)
      faraday (>= 0.7.4, < 0.10)
    hiredis (0.6.0)
    hitimes (1.2.3)
    msgpack (0.5.12)
    multipart-post (2.0.0)
    nido (1.0.0)
    ohm (2.3.0)
      msgpack (~> 0.5.0)
      nido
      redic (~> 1.5.0)
      stal
    rake (10.4.2)
    redic (1.5.0)
      hiredis
    stal (0.1.0)
      redic
    timers (4.1.1)
      hitimes
    tradier (0.5.3)
      celluloid
      faraday (~> 0.8)
      faraday_middleware

PLATFORMS
  ruby

DEPENDENCIES
  faraday
  ohm
  rake
  tradier
